GIT
  remote: git://github.com/johm/ri_cal
  revision: 1a40f16a666f5995ad02bcf97502687104aa282e
  specs:
    ri_cal (0.8.8)

GEM
  remote: https://rubygems.org/
  specs:
    actionmailer (3.2.22)
      actionpack (= 3.2.22)
      mail (~> 2.5.4)
    actionpack (3.2.22)
      activemodel (= 3.2.22)
      activesupport (= 3.2.22)
      builder (~> 3.0.0)
      erubis (~> 2.7.0)
      journey (~> 1.0.4)
      rack (~> 1.4.5)
      rack-cache (~> 1.2)
      rack-test (~> 0.6.1)
      sprockets (~> 2.2.1)
    activemodel (3.2.22)
      activesupport (= 3.2.22)
      builder (~> 3.0.0)
    activerecord (3.2.22)
      activemodel (= 3.2.22)
      activesupport (= 3.2.22)
      arel (~> 3.0.2)
      tzinfo (~> 0.3.29)
    activeresource (3.2.22)
      activemodel (= 3.2.22)
      activesupport (= 3.2.22)
    activesupport (3.2.22)
      i18n (~> 0.6, >= 0.6.4)
      multi_json (~> 1.0)
    addressable (2.8.0)
      public_suffix (>= 2.0.2, < 5.0)
    arel (3.0.3)
    bcrypt (3.1.16)
    best_in_place (3.1.1)
      actionpack (>= 3.2)
      railties (>= 3.2)
    better_errors (2.9.1)
      coderay (>= 1.0.0)
      erubi (>= 1.0.0)
      rack (>= 0.9.0)
    binding_of_caller (1.0.0)
      debug_inspector (>= 0.0.1)
    bootstrap-sass (3.1.1.0)
      sass (~> 3.2)
    bootstrap-switch-rails (0.1.1)
    builder (3.0.4)
    cancan (1.6.10)
    carrierwave (0.11.2)
      activemodel (>= 3.2.0)
      activesupport (>= 3.2.0)
      json (>= 1.7)
      mime-types (>= 1.16)
      mimemagic (>= 0.3.0)
    chart-js-rails (0.1.7)
      railties (> 3.1)
    coderay (1.1.3)
    coffee-rails (3.2.2)
      coffee-script (>= 2.2.0)
      railties (~> 3.2.0)
    coffee-script (2.4.1)
      coffee-script-source
      execjs
    coffee-script-source (1.12.2)
    concurrent-ruby (1.1.9)
    daemons (1.4.1)
    database_cleaner (2.0.0.beta)
      database_cleaner-active_record (~> 2.0.0.beta2)
    database_cleaner-active_record (2.0.0.beta2)
      activerecord
      database_cleaner-core (~> 2.0.0.beta2)
    database_cleaner-core (2.0.1)
    debug_inspector (1.1.0)
    default_value_for (3.4.0)
      activerecord (>= 3.2.0, < 7.0)
    devise (3.5.10)
      bcrypt (~> 3.0)
      orm_adapter (~> 0.1)
      railties (>= 3.2.6, < 5)
      responders
      thread_safe (~> 0.1)
      warden (~> 1.2.3)
    diff-lcs (1.5.0)
    domain_name (0.5.20190701)
      unf (>= 0.0.5, < 1.0.0)
    easypost (3.5.0)
    email_spec (1.6.0)
      launchy (~> 2.1)
      mail (~> 2.2)
    erubi (1.10.0)
    erubis (2.7.0)
    eventmachine (1.2.7)
    execjs (2.8.1)
    faraday (0.9.2)
      multipart-post (>= 1.2, < 3)
    faraday_middleware (0.9.2)
      faraday (>= 0.7.4, < 0.10)
    ffi (1.15.4)
    figaro (1.2.0)
      thor (>= 0.14.0, < 2)
    fittextjs_rails (1.2.0.1)
      railties (>= 3.1)
    font-awesome-rails (4.7.0.8)
      railties (>= 3.2, < 8.0)
    fontsquirrel-download (2.0.0)
      rails (>= 3.1)
      rubyzip (>= 1.0)
    friendly_id (4.0.9)
    googlebooks (0.0.9)
      httparty
    graphql (1.12.23)
    hashie (5.0.0)
    highline (2.0.3)
    hike (1.2.3)
    http-accept (1.7.0)
    http-cookie (1.0.4)
      domain_name (~> 0.5)
    httparty (0.16.2)
      multi_xml (>= 0.5.2)
    i18n (0.9.5)
      concurrent-ruby (~> 1.0)
    instagram (1.1.6)
      faraday (>= 0.7, < 0.10)
      faraday_middleware (>= 0.8, < 0.10)
      hashie (>= 0.4.0)
      multi_json (~> 1.0, >= 1.0.3)
    journey (1.0.4)
    jquery-datetimepicker-rails (2.4.1.0)
    jquery-rails (3.1.5)
      railties (>= 3.0, < 5.0)
      thor (>= 0.14, < 2.0)
    jquery-ui-rails (6.0.1)
      railties (>= 3.2.16)
    json (2.6.1)
    kaminari (0.17.0)
      actionpack (>= 3.0.0)
      activesupport (>= 3.0.0)
    launchy (2.4.3)
      addressable (~> 2.3)
    libv8 (3.16.14.19)
    lisbn (0.3.1)
      nokogiri
      nori (~> 2.0)
    lol_dba (2.2.0)
      actionpack (>= 3.0, < 7.0)
      activerecord (>= 3.0, < 7.0)
      railties (>= 3.0, < 7.0)
    machinist (2.0)
    mail (2.5.5)
      mime-types (~> 1.16)
      treetop (~> 1.4.8)
    mediaelement_rails (0.8.2)
      jquery-rails (>= 1.0)
      railties (>= 3.1)
    mime-types (1.25.1)
    mimemagic (0.4.3)
      nokogiri (~> 1)
      rake
    mini_magick (4.11.0)
    mini_portile2 (2.8.0)
    monetize (1.11.0)
      money (~> 6.12)
    money (6.16.0)
      i18n (>= 0.6.4, <= 2)
    money-rails (1.15.0)
      activesupport (>= 3.0)
      monetize (~> 1.9)
      money (~> 6.13)
      railties (>= 3.0)
    multi_json (1.15.0)
    multi_xml (0.6.0)
    multipart-post (2.1.1)
    mysql2 (0.3.21)
    nested_form (0.3.2)
    netrc (0.11.0)
    nokogiri (1.13.3)
      mini_portile2 (~> 2.8.0)
      racc (~> 1.4)
    nori (2.6.0)
    options (2.3.2)
    orm_adapter (0.5.0)
    polyglot (0.3.5)
    power_assert (2.0.1)
    pr_geohash (1.0.0)
    progress_bar (1.3.1)
      highline (>= 1.6, < 3)
      options (~> 2.3.0)
    public_suffix (4.0.6)
    quiet_assets (1.1.0)
      railties (>= 3.1, < 5.0)
    racc (1.6.0)
    rack (1.4.7)
    rack-cache (1.13.0)
      rack (>= 0.4)
    rack-cors (1.0.3)
    rack-ssl (1.3.4)
      rack
    rack-test (0.6.3)
      rack (>= 1.0)
    rails (3.2.22)
      actionmailer (= 3.2.22)
      actionpack (= 3.2.22)
      activerecord (= 3.2.22)
      activeresource (= 3.2.22)
      activesupport (= 3.2.22)
      bundler (~> 1.0)
      railties (= 3.2.22)
    rails3-jquery-autocomplete (1.0.15)
      rails (>= 3.2)
    railties (3.2.22)
      actionpack (= 3.2.22)
      activesupport (= 3.2.22)
      rack-ssl (~> 1.3.2)
      rake (>= 0.8.7)
      rdoc (~> 3.4)
      thor (>= 0.14.6, < 2.0)
    rake (13.0.6)
    rb-fsevent (0.11.0)
    rb-inotify (0.10.1)
      ffi (~> 1.0)
    rdoc (3.9.5)
    ref (2.0.0)
    responders (1.1.2)
      railties (>= 3.2, < 4.2)
    rest-client (2.1.0)
      http-accept (>= 1.7.0, < 2.0)
      http-cookie (>= 1.0.2, < 2.0)
      mime-types (>= 1.16, < 4.0)
      netrc (~> 0.8)
    rmagick (4.2.4)
    rolify (5.3.0)
    rsolr (2.4.0)
      builder (>= 2.1.2)
      faraday (>= 0.9.0)
    rspec-core (3.9.3)
      rspec-support (~> 3.9.3)
    rspec-expectations (3.9.4)
      diff-lcs (>= 1.2.0, < 2.0)
      rspec-support (~> 3.9.0)
    rspec-mocks (3.9.1)
      diff-lcs (>= 1.2.0, < 2.0)
      rspec-support (~> 3.9.0)
    rspec-rails (3.9.1)
      actionpack (>= 3.0)
      activesupport (>= 3.0)
      railties (>= 3.0)
      rspec-core (~> 3.9.0)
      rspec-expectations (~> 3.9.0)
      rspec-mocks (~> 3.9.0)
      rspec-support (~> 3.9.0)
    rspec-support (3.9.4)
    rubyzip (1.3.0)
    sass (3.7.4)
      sass-listen (~> 4.0.0)
    sass-listen (4.0.0)
      rb-fsevent (~> 0.9, >= 0.9.4)
      rb-inotify (~> 0.9, >= 0.9.7)
    sass-rails (3.2.6)
      railties (~> 3.2.0)
      sass (>= 3.1.10)
      tilt (~> 1.3)
    sequel (5.51.0)
    simple_calendar (0.1.11)
      rails (>= 3.0)
    sprockets (2.2.3)
      hike (~> 1.2)
      multi_json (~> 1.0)
      rack (~> 1.0)
      tilt (~> 1.1, != 1.3.0)
    sqlite3 (1.4.2)
    sqlite3-ruby (1.3.3)
      sqlite3 (>= 1.3.3)
    stripe (5.42.0)
    summernote-rails (0.8.1.1)
      railties (>= 3.1)
    sunspot (2.5.0)
      pr_geohash (~> 1.0)
      rsolr (>= 1.1.1, < 3)
    sunspot_rails (2.5.0)
      rails (>= 3)
      sunspot (= 2.5.0)
    sunspot_solr (2.5.0)
    sunspot_with_kaminari (0.2.0)
      kaminari (>= 0.14.0)
      sunspot
      sunspot_rails
    test-unit (3.5.3)
      power_assert
    therubyracer (0.12.3)
      libv8 (~> 3.16.14.15)
      ref
    thin (1.8.1)
      daemons (~> 1.0, >= 1.0.9)
      eventmachine (~> 1.0, >= 1.0.4)
      rack (>= 1, < 3)
    thor (1.1.0)
    thread_safe (0.3.6)
    tilt (1.4.1)
    treetop (1.4.15)
      polyglot
      polyglot (>= 0.3.1)
    tzinfo (0.3.60)
    uglifier (4.2.0)
      execjs (>= 0.3.0, < 3)
    unf (0.1.4)
      unf_ext
    unf_ext (0.0.8)
    warden (1.2.7)
      rack (>= 1.0)

PLATFORMS
  ruby

DEPENDENCIES
  addressable
  best_in_place
  better_errors (>= 0.7.2)
  binding_of_caller (>= 0.7.1)
  bootstrap-sass (= 3.1.1.0)
  bootstrap-switch-rails (= 0.1.1)
  cancan (>= 1.6.9)
  carrierwave
  chart-js-rails
  coffee-rails (~> 3.2.1)
  database_cleaner (>= 1.0.0.RC1)
  default_value_for
  devise (>= 2.2.3)
  easypost
  email_spec (>= 1.4.0)
  figaro (>= 0.6.3)
  fittextjs_rails
  font-awesome-rails
  fontsquirrel-download
  friendly_id (= 4.0.9)
  googlebooks
  graphql (= 1.12.23)
  instagram
  jquery-datetimepicker-rails
  jquery-rails
  jquery-ui-rails
  kaminari
  libv8 (>= 3.11.8)
  lisbn
  lol_dba
  machinist (>= 2.0)
  mediaelement_rails
  mini_magick
  money-rails
  mysql2 (~> 0.3.10)
  nested_form
  progress_bar
  quiet_assets (>= 1.0.2)
  rack-cors
  rails (= 3.2.22)
  rails3-jquery-autocomplete
  rest-client
  ri_cal!
  rmagick
  rolify (>= 3.2.0)
  rspec-rails (>= 2.12.2)
  sass-rails (~> 3.2.3)
  sequel
  simple_calendar (~> 0.1.9)
  sqlite3-ruby (~> 1.3.0)
  stripe
  summernote-rails (= 0.8.1.1)
  sunspot_rails
  sunspot_solr
  sunspot_with_kaminari
  test-unit
  therubyracer (>= 0.11.3)
  thin (>= 1.5.0)
  uglifier (>= 1.0.3)

BUNDLED WITH
   1.16.6
